PATH
  remote: .
  specs:
    c3po (0.1.0)
      typhoeus (~> 0.2.4)
      yajl-ruby (~> 0.8.2)

GEM
  remote: http://rubygems.org/
  specs:
    diff-lcs (1.1.2)
    mime-types (1.16)
    rspec (2.6.0)
      rspec-core (~> 2.6.0)
      rspec-expectations (~> 2.6.0)
      rspec-mocks (~> 2.6.0)
    rspec-core (2.6.4)
    rspec-expectations (2.6.0)
      diff-lcs (~> 1.1.2)
    rspec-mocks (2.6.0)
    typhoeus (0.2.4)
      mime-types
      mime-types
    yajl-ruby (0.8.2)

PLATFORMS
  ruby

DEPENDENCIES
  c3po!
  rspec (~> 2.6)
